GEM
  remote: https://rubygems.org/
  specs:
    coderay (1.1.0)
    contentful-management (0.5.0)
      http (~> 0.6)
      multi_json (~> 1)
    dotenv (1.0.2)
    http (0.6.3)
      http_parser.rb (~> 0.6.0)
    http_parser.rb (0.6.0)
    method_source (0.8.2)
    multi_json (1.10.1)
    pry (0.10.1)
      coderay (~> 1.1.0)
      method_source (~> 0.8.1)
      slop (~> 3.4)
    rake (10.4.2)
    slop (3.6.0)

PLATFORMS
  ruby

DEPENDENCIES
  contentful-management (~> 0.5)
  dotenv
  pry
  rake
